GEM
  remote: http://rubygems.org/
  specs:
    dante (0.1.5)
    diff-lcs (1.1.3)
    god (0.12.1)
    multi_json (1.3.6)
    open4 (1.3.0)
    rspec (2.10.0)
      rspec-core (~> 2.10.0)
      rspec-expectations (~> 2.10.0)
      rspec-mocks (~> 2.10.0)
    rspec-core (2.10.1)
    rspec-expectations (2.10.0)
      diff-lcs (~> 1.1.3)
    rspec-mocks (2.10.1)
    simplecov (0.6.4)
      multi_json (~> 1.0)
      simplecov-html (~> 0.5.3)
    simplecov-html (0.5.3)

PLATFORMS
  ruby

DEPENDENCIES
  dante
  god
  open4
  rspec
  simplecov
